GIT
  remote: https://github.com/modelcontextprotocol/ruby-sdk.git
  revision: 784b8b85481098c15887189ed8e8cfb4c5a67852
  specs:
    model_context_protocol (0.7.0)
      json_rpc_handler (~> 0.1)

GEM
  remote: https://rubygems.org/
  specs:
    bigdecimal (3.1.9)
    date (3.4.1)
    dotenv (2.8.1)
    json_rpc_handler (0.1.1)
    logger (1.7.0)
    mail (2.8.1)
      mini_mime (>= 0.1.1)
      net-imap
      net-pop
      net-smtp
    matrix (0.4.2)
    mini_mime (1.1.5)
    net-imap (0.5.8)
      date
      net-protocol
    net-pop (0.1.2)
      net-protocol
    net-protocol (0.2.2)
      timeout
    net-smtp (0.5.1)
      net-protocol
    pdf-core (0.10.0)
    prawn (2.5.0)
      matrix (~> 0.4)
      pdf-core (~> 0.10.0)
      ttfunk (~> 1.8)
    timeout (0.4.3)
    ttfunk (1.8.0)
      bigdecimal (~> 3.1)

PLATFORMS
  arm64-darwin-24
  ruby

DEPENDENCIES
  dotenv
  logger
  mail
  model_context_protocol!
  prawn

RUBY VERSION
   ruby 3.4.1p0

BUNDLED WITH
   2.6.3
